PATH
  remote: .
  specs:
    kademlia (0.0.1)

GEM
  remote: https://rubygems.org/
  specs:
    bencode (0.8.2)
    rake (10.3.2)
    workflow (1.2.0)

PLATFORMS
  ruby

DEPENDENCIES
  bencode (~> 0.8.2)
  bundler (~> 1.7)
  kademlia!
  rake (~> 10.0)
  workflow (~> 1.2.0)
